NUGET
  remote: https://www.nuget.org/api/v2
    FAKE (4.29.2)
    FSharp.Control.AsyncSeq (2.0.8)
    FSharp.Control.Reactive (3.4.1)
      Rx-Core (>= 2.2.5)
      Rx-Interfaces (>= 2.2.5)
      Rx-Linq (>= 2.2.5)
    FSharp.Core (4.0.0.1)
    FSharpx.Async (1.12)
      FSharp.Control.AsyncSeq
    FSharpx.Collections (1.15.1)
      FSharp.Core
    FSharpx.Extras (1.10.3)
      FSharpx.Async (>= 1.12)
      FSharpx.Collections (>= 1.10.1)
    Rx-Core (2.2.5)
      Rx-Interfaces (>= 2.2.5)
    Rx-Interfaces (2.2.5)
    Rx-Linq (2.2.5)
      Rx-Core (>= 2.2.5)
      Rx-Interfaces (>= 2.2.5)
GITHUB
  remote: MaxDeg/fs-msgpack
    src/MsgPack/DataType.fs (9255ac3f96be294153192d0caabdfa340fa774fa)
    src/MsgPack/Packer.fs (9255ac3f96be294153192d0caabdfa340fa774fa)
    src/MsgPack/Unpacker.fs (9255ac3f96be294153192d0caabdfa340fa774fa)
    src/MsgPack/Value.fs (9255ac3f96be294153192d0caabdfa340fa774fa)